PATH
  remote: .
  specs:
    eventbrite (0.11.0)
      addressable (~> 2.3)
      crack (~> 0.4.3)
      equalizer (~> 0.0.9)
      faraday (~> 0.9.0)
      http (~> 0.6.0)
      http_parser.rb (~> 0.6.0)
      json (>= 1.7.7)
      memoizable (~> 0.4.0)
      money (> 1.0)
      naught (~> 1.0)
      safe_yaml (~> 1.0.4)
      simple_oauth (~> 0.2.0)

GEM
  remote: https://rubygems.org/
  specs:
    activesupport (4.2.0)
      i18n (~> 0.7)
      json (~> 1.7, >= 1.7.7)
      minitest (~> 5.1)
      thread_safe (~> 0.3, >= 0.3.4)
      tzinfo (~> 1.1)
    addressable (2.3.6)
    ast (1.1.0)
    backports (3.6.0)
    binding_of_caller (0.7.2)
      debug_inspector (>= 0.0.1)
    celluloid (0.15.2)
      timers (~> 1.1.0)
    coderay (1.1.0)
    coveralls (0.7.0)
      multi_json (~> 1.3)
      rest-client
      simplecov (>= 0.7)
      term-ansicolor
      thor
    crack (0.4.3)
      safe_yaml (~> 1.0.0)
    debug_inspector (0.0.2)
    diff-lcs (1.2.5)
    docile (1.1.3)
    equalizer (0.0.11)
    factory_girl (4.5.0)
      activesupport (>= 3.0.0)
    faker (1.4.3)
      i18n (~> 0.5)
    faraday (0.9.2)
      multipart-post (>= 1.2, < 3)
    ffi (1.9.3)
    formatador (0.2.5)
    guard (2.6.1)
      formatador (>= 0.2.4)
      listen (~> 2.7)
      lumberjack (~> 1.0)
      pry (>= 0.9.12)
      thor (>= 0.18.1)
    guard-rspec (4.3.1)
      guard (~> 2.1)
      rspec (>= 2.14, < 4.0)
    http (0.6.4)
      http_parser.rb (~> 0.6.0)
    http_parser.rb (0.6.0)
    i18n (0.7.0)
    json (1.8.1)
    listen (2.7.9)
      celluloid (>= 0.15.2)
      rb-fsevent (>= 0.9.3)
      rb-inotify (>= 0.9)
    lumberjack (1.0.9)
    memoizable (0.4.2)
      thread_safe (~> 0.3, >= 0.3.1)
    method_source (0.8.2)
    mime-types (1.25.1)
    minitest (5.5.1)
    money (6.7.1)
      i18n (>= 0.6.4, <= 0.7.0)
      sixarm_ruby_unaccent (>= 1.1.1, < 2)
    multi_json (1.9.2)
    multipart-post (2.0.0)
    naught (1.1.0)
    parser (2.1.8)
      ast (~> 1.1)
      slop (~> 3.4, >= 3.4.5)
    powerpack (0.0.9)
    pry (0.10.0)
      coderay (~> 1.1.0)
      method_source (~> 0.8.1)
      slop (~> 3.4)
    pry-stack_explorer (0.4.9.1)
      binding_of_caller (>= 0.7)
      pry (>= 0.9.11)
    psych (2.0.5)
    rainbow (2.0.0)
    rake (10.3.0)
    rb-fsevent (0.9.4)
    rb-inotify (0.9.5)
      ffi (>= 0.5.0)
    redcarpet (3.1.1)
    rest-client (1.6.7)
      mime-types (>= 1.16)
    rspec (3.0.0)
      rspec-core (~> 3.0.0)
      rspec-expectations (~> 3.0.0)
      rspec-mocks (~> 3.0.0)
    rspec-core (3.0.3)
      rspec-support (~> 3.0.0)
    rspec-expectations (3.0.3)
      diff-lcs (>= 1.2.0, < 2.0)
      rspec-support (~> 3.0.0)
    rspec-its (1.0.1)
      rspec-core (>= 2.99.0.beta1)
      rspec-expectations (>= 2.99.0.beta1)
    rspec-mocks (3.0.3)
      rspec-support (~> 3.0.0)
    rspec-support (3.0.3)
    rubocop (0.20.1)
      json (>= 1.7.7, < 2)
      parser (~> 2.1.7)
      powerpack (~> 0.0.6)
      rainbow (>= 1.99.1, < 3.0)
      ruby-progressbar (~> 1.4)
    ruby-progressbar (1.4.2)
    safe_yaml (1.0.4)
    simple_oauth (0.2.0)
    simplecov (0.8.2)
      docile (~> 1.1.0)
      multi_json
      simplecov-html (~> 0.8.0)
    simplecov-html (0.8.0)
    sixarm_ruby_unaccent (1.1.1)
    slop (3.6.0)
    term-ansicolor (1.3.0)
      tins (~> 1.0)
    thor (0.19.1)
    thread_safe (0.3.4)
    timecop (0.6.1)
    timers (1.1.0)
    tins (1.1.0)
    tzinfo (1.2.2)
      thread_safe (~> 0.1)
    webmock (1.17.4)
      addressable (>= 2.2.7)
      crack (>= 0.3.2)
    yard (0.8.7.4)
    yardstick (0.9.9)
      yard (~> 0.8, >= 0.8.7.2)

PLATFORMS
  ruby

DEPENDENCIES
  backports
  bundler (~> 1.0)
  coveralls
  eventbrite!
  factory_girl
  faker
  guard
  guard-rspec
  mime-types (~> 1.25)
  pry
  pry-stack_explorer
  psych (>= 2.0.5)
  rake
  redcarpet
  rspec (>= 2.14)
  rspec-its
  rubocop (>= 0.20)
  simplecov
  timecop (= 0.6.1)
  webmock (= 1.17.4)
  yard
  yardstick

BUNDLED WITH
   1.12.5
